{
    "Manufacturer": "Value was not specified",
    "ManufacturersModelName": "Bio7T",
    "DeviceSerialNumber": "Value was not specified",
    "StationName": "Bio7T",
    "SoftwareVersion": "Value was not specified",
    "MagneticFieldStrength": 7.052474819219231,
    "ReceiveCoilName": "Value was not specified",
    "ReceiveCoilActiveElements": "Value was not specified",
    "GradientSetType": "S116",
    "MRTransmitCoilSequence": {
        "Name": null,
        "Manufacture": null,
        "Type": null
    },
    "CoilConfigName": "Default_Transceiver_1H_50W",
    "MatrixCoilMode": "SingleExperiment",
    "CoilCombinationMethod": "Value was not specified",
    "PulseSequenceType": "FC2D_ANGIO.ppg",
    "ScanningSequence": "FC2D_ANGIO (pvm)",
    "SequenceVariant": "Value was not specified",
    "ScanOptions": {
        "RG": null,
        "CG": null,
        "PFF": null,
        "PFP": null,
        "FC": null,
        "SP": "Off",
        "FP": null
    },
    "SequenceName": "05_Angio_TOF-2D-flow-comp (FC)",
    "PulseSequenceDetails": "05_Angio_TOF-2D-flow-comp (FC)",
    "NonlinearGradientCorrection": "Value was not specified",
    "NumberShots": "Value was not specified",
    "ParallelReductionFactorInPlane": 138,
    "ParallelAcquisitionTechnique": "Value was not specified",
    "PartialFourier": "Value was not specified",
    "PartialFourierDirection": "Value was not specified",
    "PhaseEncodingDirection": "row_dir",
    "EffectiveEchoSpacing": 2.6885108170552406e-07,
    "TotalReadoutTime": 3.7101449275362325e-05,
    "EchoTime": 0.0043159999999999995,
    "InversionTime": "Value was not specified",
    "SliceTiming": [
        0.0,
        0.0003,
        0.0006,
        0.0009,
        0.0012,
        0.0014999999999999998,
        0.0018,
        0.0021,
        0.0024,
        0.0026999999999999997,
        0.0029999999999999996,
        0.0032999999999999995,
        0.0036,
        0.0039,
        0.0042,
        0.0045,
        0.0048,
        0.0050999999999999995,
        0.005399999999999999,
        0.005699999999999999,
        0.005999999999999999,
        0.006299999999999999,
        0.006599999999999999,
        0.006899999999999999,
        0.0072,
        0.0075,
        0.0078,
        0.0081,
        0.0084,
        0.0087,
        0.009,
        0.0093,
        0.0096,
        0.009899999999999999,
        0.010199999999999999,
        0.010499999999999999,
        0.010799999999999999,
        0.011099999999999999,
        0.011399999999999999,
        0.011699999999999999,
        0.011999999999999999,
        0.012299999999999998,
        0.012599999999999998,
        0.012899999999999998,
        0.013199999999999998,
        0.013499999999999998,
        0.013799999999999998,
        0.014099999999999998,
        0.0144,
        0.0147,
        0.015,
        0.0153,
        0.0156,
        0.015899999999999997,
        0.0162,
        0.016499999999999997,
        0.0168,
        0.017099999999999997,
        0.0174,
        0.017699999999999997
    ],
    "SliceEncodingDirection": "Value was not specified",
    "DwellTime": 0.00512,
    "FlipAngle": 90,
    "MultibandAccerlationFactor": "Value was not specified",
    "AnatomicalLandmarkCoordinates": "Value was not specified",
    "InstitutionName": "Animage",
    "InstitutionAddress": "Value was not specified",
    "InstitutionalDepartmentName": "Value was not specified"
}