{
    "Manufacturer": "Value was not specified",
    "ManufacturersModelName": "Bio7T",
    "DeviceSerialNumber": "Value was not specified",
    "StationName": "Bio7T",
    "SoftwareVersion": 5.1,
    "MagneticFieldStrength": 7.052456022104377,
    "ReceiveCoilName": "Value was not specified",
    "ReceiveCoilActiveElements": "Value was not specified",
    "GradientSetType": "S116",
    "MRTransmitCoilSequence": {
        "Name": null,
        "Manufacture": null,
        "Type": null
    },
    "CoilConfigName": "Default_Transceiver_1H_50W",
    "MatrixCoilMode": "SingleExperiment",
    "CoilCombinationMethod": "Value was not specified",
    "PulseSequenceType": "EPI.ppg",
    "ScanningSequence": "EPI (pvm)",
    "SequenceVariant": "Value was not specified",
    "ScanOptions": {
        "RG": null,
        "CG": null,
        "PFF": null,
        "PFP": null,
        "FC": null,
        "SP": "Off",
        "FP": null
    },
    "SequenceName": "07_T2star-EPI_perf-GADO-2021",
    "PulseSequenceDetails": "07_T2star-EPI_perf-GADO-2021",
    "NonlinearGradientCorrection": "Value was not specified",
    "NumberShots": "Value was not specified",
    "ParallelReductionFactorInPlane": 1,
    "ParallelAcquisitionTechnique": "Value was not specified",
    "PartialFourier": "Value was not specified",
    "PartialFourierDirection": "Value was not specified",
    "PhaseEncodingDirection": "col_dir",
    "EffectiveEchoSpacing": 7.4074074074074075e-06,
    "TotalReadoutTime": 0.0004,
    "EchoTime": 0.00943,
    "InversionTime": "Value was not specified",
    "SliceTiming": [
        0.0,
        0.0007999999999999999,
        0.0015999999999999999,
        0.0024,
        0.0031999999999999997,
        0.004,
        0.0048,
        0.005599999999999999,
        0.00039999999999999996,
        0.0012,
        0.002,
        0.0027999999999999995,
        0.0036,
        0.004399999999999999,
        0.0052
    ],
    "SliceEncodingDirection": "Value was not specified",
    "DwellTime": 0.0004,
    "FlipAngle": 50,
    "MultibandAccerlationFactor": "Value was not specified",
    "AnatomicalLandmarkCoordinates": "Value was not specified",
    "InstitutionName": "Animage",
    "InstitutionAddress": "Value was not specified",
    "InstitutionalDepartmentName": "Value was not specified"
}