{
    "Manufacturer": "Value was not specified",
    "ManufacturersModelName": "Bio7T",
    "DeviceSerialNumber": "Value was not specified",
    "StationName": "Bio7T",
    "SoftwareVersion": "Value was not specified",
    "MagneticFieldStrength": 7.052456306810692,
    "ReceiveCoilName": "Value was not specified",
    "ReceiveCoilActiveElements": "Value was not specified",
    "GradientSetType": "S116",
    "MRTransmitCoilSequence": {
        "Name": null,
        "Manufacture": null,
        "Type": null
    },
    "CoilConfigName": "Default_Transceiver_1H_50W",
    "MatrixCoilMode": "SingleExperiment",
    "CoilCombinationMethod": "Value was not specified",
    "PulseSequenceType": "DtiEpi.ppg",
    "ScanningSequence": "DtiEpi (pvm)",
    "SequenceVariant": "Value was not specified",
    "ScanOptions": {
        "RG": null,
        "CG": null,
        "PFF": null,
        "PFP": null,
        "FC": null,
        "SP": "Off",
        "FP": null
    },
    "SequenceName": "06_EPI-diffusion-ADC-map (B3000)",
    "PulseSequenceDetails": "06_EPI-diffusion-ADC-map (B3000)",
    "NonlinearGradientCorrection": "Value was not specified",
    "NumberShots": "Value was not specified",
    "ParallelReductionFactorInPlane": 1,
    "ParallelAcquisitionTechnique": "Value was not specified",
    "PartialFourier": "Value was not specified",
    "PartialFourierDirection": "Value was not specified",
    "PhaseEncodingDirection": "col_dir",
    "EffectiveEchoSpacing": 3.2999999999999985e-06,
    "TotalReadoutTime": 0.00029039999999999985,
    "EchoTime": 0.0232386736842105,
    "InversionTime": "Value was not specified",
    "SliceTiming": [
        0.0,
        0.09523809523809523,
        0.19047619047619047,
        0.2857142857142857,
        0.38095238095238093,
        0.47619047619047616,
        0.5714285714285714,
        0.6666666666666666,
        0.047619047619047616,
        0.14285714285714285,
        0.23809523809523808,
        0.3333333333333333,
        0.42857142857142855,
        0.5238095238095237,
        0.6190476190476191
    ],
    "SliceEncodingDirection": "Value was not specified",
    "DwellTime": 0.00029039999999999985,
    "FlipAngle": 90,
    "MultibandAccerlationFactor": "Value was not specified",
    "AnatomicalLandmarkCoordinates": "Value was not specified",
    "InstitutionName": "Animage",
    "InstitutionAddress": "Value was not specified",
    "InstitutionalDepartmentName": "Value was not specified"
}