{
    "Manufacturer": "Value was not specified",
    "ManufacturersModelName": "Bio7T",
    "DeviceSerialNumber": "Value was not specified",
    "StationName": "Bio7T",
    "SoftwareVersion": 5.1,
    "MagneticFieldStrength": 7.052461969299465,
    "ReceiveCoilName": "Value was not specified",
    "ReceiveCoilActiveElements": "Value was not specified",
    "GradientSetType": "S116",
    "MRTransmitCoilSequence": {
        "Name": null,
        "Manufacture": null,
        "Type": null
    },
    "CoilConfigName": "Default_Transceiver_1H_50W",
    "MatrixCoilMode": "SingleExperiment",
    "CoilCombinationMethod": "Value was not specified",
    "PulseSequenceType": "FC2D_ANGIO.ppg",
    "ScanningSequence": "FC2D_ANGIO (pvm)",
    "SequenceVariant": "Value was not specified",
    "ScanOptions": {
        "RG": null,
        "CG": null,
        "PFF": null,
        "PFP": null,
        "FC": null,
        "SP": "Off",
        "FP": null
    },
    "SequenceName": "05_ANGIO-TOF-2D-flow-comp-2021",
    "PulseSequenceDetails": "05_ANGIO-TOF-2D-flow-comp-2021",
    "NonlinearGradientCorrection": "Value was not specified",
    "NumberShots": "Value was not specified",
    "ParallelReductionFactorInPlane": 138,
    "ParallelAcquisitionTechnique": "Value was not specified",
    "PartialFourier": "Value was not specified",
    "PartialFourierDirection": "Value was not specified",
    "PhaseEncodingDirection": "row_dir",
    "EffectiveEchoSpacing": 1.7744171392564602e-07,
    "TotalReadoutTime": 2.4486956521739154e-05,
    "EchoTime": 0.0045,
    "InversionTime": "Value was not specified",
    "SliceTiming": [
        0.0,
        0.0003333333333333333,
        0.0006666666666666666,
        0.001,
        0.0013333333333333333,
        0.0016666666666666666,
        0.002,
        0.002333333333333333,
        0.0026666666666666666,
        0.003,
        0.003333333333333333,
        0.0036666666666666666,
        0.004,
        0.004333333333333333,
        0.004666666666666666,
        0.005,
        0.005333333333333333,
        0.005666666666666666,
        0.006,
        0.006333333333333333,
        0.006666666666666666,
        0.007,
        0.007333333333333333,
        0.007666666666666666,
        0.008,
        0.008333333333333333,
        0.008666666666666666,
        0.009,
        0.009333333333333332,
        0.009666666666666667,
        0.01,
        0.010333333333333333,
        0.010666666666666666,
        0.011,
        0.011333333333333332,
        0.011666666666666665,
        0.012,
        0.012333333333333333,
        0.012666666666666666,
        0.013,
        0.013333333333333332,
        0.013666666666666666,
        0.014,
        0.014333333333333333,
        0.014666666666666666,
        0.015,
        0.015333333333333332,
        0.015666666666666666,
        0.016,
        0.01633333333333333,
        0.016666666666666666,
        0.016999999999999998,
        0.017333333333333333,
        0.017666666666666667
    ],
    "SliceEncodingDirection": "Value was not specified",
    "DwellTime": 0.003379200000000003,
    "FlipAngle": 80,
    "MultibandAccerlationFactor": "Value was not specified",
    "AnatomicalLandmarkCoordinates": "Value was not specified",
    "InstitutionName": "Animage",
    "InstitutionAddress": "Value was not specified",
    "InstitutionalDepartmentName": "Value was not specified"
}